GEM
  remote: https://rubygems.org/
  specs:
    builder (3.2.2)
    chronic (0.10.2)
    jwt (1.5.3)
    multi_json (1.11.2)
    twilio-ruby (4.11.1)
      builder (>= 2.1.2)
      jwt (~> 1.0)
      multi_json (>= 1.3.0)
    whenever (0.9.4)
      chronic (>= 0.6.3)

PLATFORMS
  ruby

DEPENDENCIES
  twilio-ruby (~> 4.11.1)
  whenever

BUNDLED WITH
   1.11.2
